GEM
  remote: http://rubygems.org/
  specs:
    dnsimple-ruby (1.7.1)
      httparty (~> 0.12)
    dotenv (0.7.0)
    httparty (0.13.3)
      json (~> 1.8)
      multi_xml (>= 0.5.2)
    json (1.8.2)
    multi_xml (0.5.5)

PLATFORMS
  ruby

DEPENDENCIES
  dnsimple-ruby
  dotenv
